GEM
  remote: https://rubygems.org/
  specs:
    alfred-workflow (1.11.3)
      plist (>= 3.1.0)
    plist (3.1.0)

PLATFORMS
  ruby

DEPENDENCIES
  alfred-workflow (= 1.11.3)
  plist (= 3.1.0)
